GEM
  remote: http://rubygems.org/
  specs:
    clamp (0.2.1)
    daemons (1.1.4)
    diff-lcs (1.1.2)
    eventmachine (0.12.10)
    git (1.2.5)
    jeweler (1.6.4)
      bundler (~> 1.0)
      git (>= 1.2.5)
      rake
    json (1.5.3)
    rack (1.3.1)
    rake (0.9.2)
    rcov (0.9.9)
    rspec (2.3.0)
      rspec-core (~> 2.3.0)
      rspec-expectations (~> 2.3.0)
      rspec-mocks (~> 2.3.0)
    rspec-core (2.3.1)
    rspec-expectations (2.3.0)
      diff-lcs (~> 1.1.2)
    rspec-mocks (2.3.0)
    sinatra (1.2.6)
      rack (~> 1.1)
      tilt (< 2.0, >= 1.2.2)
    thin (1.2.11)
      daemons (>= 1.0.9)
      eventmachine (>= 0.12.6)
      rack (>= 1.0.0)
    tilt (1.3.2)

PLATFORMS
  ruby

DEPENDENCIES
  bundler (~> 1.0.0)
  clamp (= 0.2.1)
  jeweler (~> 1.6.2)
  json (= 1.5.3)
  rcov
  rspec (~> 2.3.0)
  sinatra (= 1.2.6)
  thin (= 1.2.11)
